ObjectType = Image
NDims = 3
BinaryData = True
BinaryDataByteOrderMSB = False
CompressedData = False
TransformMatrix = 1 0 0 0 1 0 0 0 1
Offset = -147.5 -147.5 -147.5
CenterOfRotation = 0 0 0
ElementSpacing = 5 5 5
DimSize = 60 60 60
AnatomicalOrientation = ???
ElementType = MET_FLOAT
ElementDataFile = output-full-Edep-Uncertainty.raw
