ObjectType = Image
NDims = 3
BinaryData = True
BinaryDataByteOrderMSB = False
CompressedData = False
TransformMatrix = 1 0 0 0 1 0 0 0 1
Offset = -247.5 -247.5 -247.5
CenterOfRotation = 0 0 0
ElementSpacing = 5 5 5
DimSize = 100 100 100
AnatomicalOrientation = ???
ElementType = MET_FLOAT
ElementDataFile = dose_dep_5x5-Dose.raw
